GEM
  remote: http://rubygems.org/
  specs:
    blend-mode (0.0.1)
      compass (~> 0.12)
    bourbon-compass (3.1.1)
      compass (>= 0.11)
      sass (>= 3.2.0)
    breakpoint (1.3)
      compass (>= 0.12.1)
      sass (>= 3.2.0)
    chunky_png (1.2.7)
    closure-compiler (1.1.8)
    color-schemer (0.2.3)
      blend-mode (~> 0.0.1)
      compass (~> 0.12)
    compass (0.13.alpha.2.222937c)
      chunky_png (~> 1.2)
      listen (~> 0.5.3)
      sass (~> 3.2.0.alpha.93)
    css-slideshow (0.2.0)
      compass (>= 0.10.0.rc3)
    cssmin (1.0.3)
    daemons (1.1.9)
    eventmachine (1.0.3)
    fancy-buttons (1.2.0)
      compass (>= 0.11)
    faraday (0.8.6)
      multipart-post (~> 1.1)
    fittext (0.0.5)
      compass (>= 0.10.0.rc3)
    github_api (0.9.3)
      faraday (~> 0.8.1)
      hashie (~> 2.0)
      multi_json (~> 1.4)
      nokogiri (~> 1.5.2)
      oauth2
    harsh (1.0.0)
      compass (>= 0.10.0.rc3)
    hashie (2.0.3)
    httpauth (0.2.0)
    jammit (0.6.6)
      cssmin (>= 1.0.3)
      jsmin (>= 1.0.1)
    jsmin (1.0.1)
    jwt (0.1.8)
      multi_json (>= 1.5)
    listen (0.5.3)
    modular-scale (1.0.6)
      compass (>= 0.12.1)
      sass (>= 3.2.0)
      sassy-math (>= 1.5)
    multi_json (1.7.2)
    multi_xml (0.5.3)
    multipart-post (1.2.0)
    neat-compass (1.2.0.1)
      bourbon-compass (>= 3.1.1)
      compass (>= 0.11)
      sass (>= 3.2)
    nokogiri (1.5.9)
    oauth2 (0.9.1)
      faraday (~> 0.8)
      httpauth (~> 0.1)
      jwt (~> 0.1.4)
      multi_json (~> 1.0)
      multi_xml (~> 0.5)
      rack (~> 1.2)
    rack (1.5.2)
    rack-protection (1.5.0)
      rack
    respond-to (2.6)
      breakpoint (>= 1.3)
    responsive-sass (0.1.1)
      compass (>= 0.11)
    rwdcalc (0.0.2)
      compass (>= 0.12.2)
      sass (>= 3.2.1)
    salsa (0.0.1)
      compass (>= 0.12.1)
      sass (>= 3.2.0)
    sass (3.2.7)
    sassy-buttons (0.1.4)
      compass (>= 0.12.2)
      sass (>= 3.2.0)
    sassy-math (1.5)
      compass (~> 0.11)
    sassy-strings (0.3.1)
      compass (>= 0.12.2)
    sinatra (1.4.2)
      rack (~> 1.5, >= 1.5.2)
      rack-protection (~> 1.4)
      tilt (~> 1.3, >= 1.3.4)
    sinatra-partial (0.4.0)
      sinatra
    singularitygs (0.0.17)
      breakpoint (>= 1.1.1)
      compass (>= 0.12.2)
      modular-scale (>= 1.0.2)
      sass (>= 3.2.1)
    stipe (0.0.5.7.4)
      compass (>= 0.11)
      sass (>= 3.2.1)
    susy (1.0.7)
      compass (>= 0.12.2)
      sass (>= 3.2.0)
    thin (1.5.1)
      daemons (>= 1.0.9)
      eventmachine (>= 0.12.6)
      rack (>= 1.0.0)
    thor (0.17.0)
    tilt (1.3.4)
    toolkit (0.2.6)
      compass (>= 0.12.2)
      respond-to (>= 2.6)
      sassy-strings (>= 0.1)
      singularitygs (>= 0.0.17)
      susy (>= 1.0.5)
    zen-grids (1.3)
      sass (>= 3.1)

PLATFORMS
  ruby

DEPENDENCIES
  blend-mode
  bourbon-compass
  breakpoint
  closure-compiler
  color-schemer
  compass
  css-slideshow
  fancy-buttons
  fittext
  github_api
  harsh
  jammit
  modular-scale
  neat-compass
  responsive-sass
  rwdcalc
  salsa
  sass
  sassy-buttons
  sassy-math
  sinatra
  sinatra-partial
  singularitygs
  stipe
  susy
  thin
  thor
  tilt (= 1.3.4)
  toolkit
  zen-grids
