GEM
  remote: http://rubygems.org/
  specs:
    bourbon-compass (2.1.1.0)
      compass (>= 0.11)
      sass (>= 3.1)
    chunky_png (1.2.6)
    compass (0.12.2)
      chunky_png (~> 1.2)
      fssm (>= 0.2.7)
      sass (~> 3.1)
    daemons (1.1.9)
    eventmachine (1.0.0)
    fssm (0.2.9)
    rack (1.4.1)
    rack-protection (1.2.0)
      rack
    sass (3.2.0.alpha.275)
    sinatra (1.3.3)
      rack (~> 1.3, >= 1.3.6)
      rack-protection (~> 1.2)
      tilt (~> 1.3, >= 1.3.3)
    sinatra-partial (0.3.2)
      sinatra
    stipe (0.0.4.1)
      compass (>= 0.11)
      sass (>= 3.2.0.alpha.247)
    thin (1.5.0)
      daemons (>= 1.0.9)
      eventmachine (>= 0.12.6)
      rack (>= 1.0.0)
    tilt (1.3.3)

PLATFORMS
  ruby

DEPENDENCIES
  bourbon-compass
  compass
  sass (= 3.2.0.alpha.275)
  sinatra
  sinatra-partial
  stipe
  thin
